GEM
  remote: https://rubygems.org/
  specs:
    rack (1.5.5)
    vienna (0.4.1)
      rack (~> 1.5)

PLATFORMS
  ruby
  x64-mingw32

DEPENDENCIES
  rack
  vienna
